GEM
  remote: http://rubygems.org/
  specs:
    ZenTest (4.6.1)
    autotest (4.4.6)
      ZenTest (>= 4.4.1)
    awesome_print (0.4.0)
    diff-lcs (1.1.2)
    rspec (2.6.0)
      rspec-core (~> 2.6.0)
      rspec-expectations (~> 2.6.0)
      rspec-mocks (~> 2.6.0)
    rspec-core (2.6.4)
    rspec-expectations (2.6.0)
      diff-lcs (~> 1.1.2)
    rspec-mocks (2.6.0)

PLATFORMS
  ruby

DEPENDENCIES
  autotest
  awesome_print
  rspec
